GEM
  remote: http://rubygems.org/
  specs:
    nsq-ruby (1.2.1)

PLATFORMS
  ruby

DEPENDENCIES
  nsq-ruby
